PATH
  remote: .
  specs:
    ccios (4.0.2)
      activesupport (> 4)
      mustache (~> 1.0)
      xcodeproj (~> 1.4)

GEM
  remote: https://rubygems.org/
  specs:
    CFPropertyList (3.0.3)
    activesupport (7.0.4.2)
      concurrent-ruby (~> 1.0, >= 1.0.2)
      i18n (>= 1.6, < 2)
      minitest (>= 5.1)
      tzinfo (~> 2.0)
    atomos (0.1.3)
    claide (1.0.3)
    colored2 (3.1.2)
    concurrent-ruby (1.2.0)
    i18n (1.12.0)
      concurrent-ruby (~> 1.0)
    minitest (5.14.2)
    mustache (1.1.1)
    nanaimo (0.3.0)
    rake (12.3.3)
    tzinfo (2.0.6)
      concurrent-ruby (~> 1.0)
    xcodeproj (1.19.0)
      CFPropertyList (>= 2.3.3, < 4.0)
      atomos (~> 0.1.3)
      claide (>= 1.0.2, < 2.0)
      colored2 (~> 3.1)
      nanaimo (~> 0.3.0)

PLATFORMS
  ruby

DEPENDENCIES
  ccios!
  minitest (~> 5.11)
  rake (~> 12.3)

BUNDLED WITH
   1.17.3
